GEM
  remote: https://rubygems.org/
  specs:
    daemons (1.2.2)
    eventmachine (1.0.7)
    faraday (0.9.1)
      multipart-post (>= 1.2, < 3)
    json (1.8.3)
    multipart-post (2.0.0)
    oj (2.12.9)
    rack (1.6.1)
    rack-protection (1.5.3)
      rack
    shotgun (0.9.1)
      rack (>= 1.0)
    sinatra (1.4.6)
      rack (~> 1.4)
      rack-protection (~> 1.4)
      tilt (>= 1.3, < 3)
    thin (1.6.3)
      daemons (~> 1.0, >= 1.0.9)
      eventmachine (~> 1.0)
      rack (~> 1.0)
    tilt (2.0.1)

PLATFORMS
  ruby

DEPENDENCIES
  faraday
  json
  oj
  shotgun
  sinatra
  thin

BUNDLED WITH
   1.10.2
